PATH
  remote: .
  specs:
    zendesk_apps_support (2.0.0)
      erubis
      i18n
      image_size
      jshintrb (~> 0.3.0)
      json
      json-stream
      sass

GEM
  remote: https://rubygems.org/
  specs:
    bump (0.5.3)
    byebug (9.0.5)
    diff-lcs (1.2.5)
    erubis (2.7.0)
    execjs (2.7.0)
    i18n (0.7.0)
    image_size (1.4.2)
    jshintrb (0.3.0)
      execjs
      multi_json (>= 1.3)
      rake
    json (2.0.1)
    json-stream (0.2.1)
    multi_json (1.12.1)
    rake (11.2.2)
    rspec (3.4.0)
      rspec-core (~> 3.4.0)
      rspec-expectations (~> 3.4.0)
      rspec-mocks (~> 3.4.0)
    rspec-core (3.4.4)
      rspec-support (~> 3.4.0)
    rspec-expectations (3.4.0)
      diff-lcs (>= 1.2.0, < 2.0)
      rspec-support (~> 3.4.0)
    rspec-mocks (3.4.1)
      diff-lcs (>= 1.2.0, < 2.0)
      rspec-support (~> 3.4.0)
    rspec-support (3.4.1)
    sass (3.4.22)

PLATFORMS
  ruby

DEPENDENCIES
  bump (~> 0.5.1)
  byebug
  rspec (~> 3.4.0)
  zendesk_apps_support!

BUNDLED WITH
   1.12.5
