PATH
  remote: .
  specs:
    zendesk_apps_support (1.16.1)
      erubis
      i18n
      image_size
      jshintrb (= 0.2.4)
      json
      json-stream
      multi_json
      sass

GEM
  remote: https://rubygems.org/
  specs:
    bump (0.5.0)
    diff-lcs (1.2.5)
    erubis (2.7.0)
    execjs (2.2.2)
    i18n (0.6.11)
    image_size (1.3.1)
    jshintrb (0.2.4)
      execjs
      multi_json (>= 1.3)
      rake
    json (1.8.1)
    json-stream (0.2.1)
    multi_json (1.10.1)
    rake (10.3.2)
    rspec (2.14.1)
      rspec-core (~> 2.14.0)
      rspec-expectations (~> 2.14.0)
      rspec-mocks (~> 2.14.0)
    rspec-core (2.14.8)
    rspec-expectations (2.14.5)
      diff-lcs (>= 1.1.3, < 2.0)
    rspec-mocks (2.14.6)
    sass (3.4.6)

PLATFORMS
  ruby

DEPENDENCIES
  bump (~> 0.5.0)
  json-stream
  rspec (~> 2.14.0)
  zendesk_apps_support!
